GEM
  remote: https://rubygems.org/
  specs:
    addressable (2.8.0)
      public_suffix (>= 2.0.2, < 5.0)
    capybara (3.39.2)
      addressable
      mini_mime (>= 0.1.3)
      nokogiri (>= 1.8)
      rack (>= 1.6.0)
      rack-test (>= 0.6.3)
      regexp_parser (>= 1.5, < 3.0)
      xpath (~> 3.2)
    childprocess (4.1.0)
    domain_name (0.5.20190701)
      unf (>= 0.0.5, < 1.0.0)
    http-cookie (1.0.5)
      domain_name (~> 0.5)
    mechanize (2.9.1)
      domain_name (~> 0.5, >= 0.5.1)
      http-cookie (~> 1.0)
      mime-types (~> 3.0)
      net-http-digest_auth (~> 1.4, >= 1.4.1)
      net-http-persistent (~> 3.0)
      nokogiri (~> 1.13)
      rubyzip (~> 2.3)
    mini_mime (1.1.2)
    mime-types (3.4.1)
      mime-types-data (~> 3.2015)
    mime-types-data (3.2022.0105)
    net-http-digest_auth (1.4.1)
    net-http-persistent (3.1.0)
    nokogiri (1.13.3)
      mini_portile2 (~> 2.8.0)
      racc (~> 1.5)
    public_suffix (4.0.6)
    racc (1.6.0)
    rack (2.2.3)
    rack-test (1.1.0)
      rack (>= 1.0, < 3)
    regexp_parser (2.2.0)
    rubyzip (2.3.2)
    scraperwiki (1.4.0)
    selenium-webdriver (4.1.0)
      childprocess (>= 0.5, < 5.0)
      rexml (~> 3.2, >= 3.2.5)
      rubyzip (>= 1.2.2)
    unf (0.1.4)
      unf_ext
    unf_ext (0.0.7.7)
    xpath (3.2.0)
      nokogiri (~> 1.8)

GIT
  remote: https://github.com/openaustralia/scraperwiki-ruby.git
  revision: 23061c979b8b18ed1cb80f46b9cfa8e5bd504b2b
  branch: morph_defaults
  specs:
    scraperwiki (1.4.0)

PLATFORMS
  ruby

DEPENDENCIES
  capybara
  mechanize
  nokogiri
  scraperwiki!
  selenium-webdriver

BUNDLED WITH
   1.17.2
