GEM
  remote: https://rubygems.org/
  specs:
    addressable (2.8.6)
      public_suffix (>= 2.0.2, < 5.0)
    capybara (3.39.2)
      addressable
      mini_mime (>= 0.1.3)
      nokogiri (>= 1.8)
      rack (>= 1.6.0)
      rack-test (>= 0.6.3)
      regexp_parser (>= 1.5, < 3.0)
      xpath (~> 3.2)
    childprocess (4.1.0)
    domain_name (0.5.20190701)
      unf (>= 0.0.5, < 1.0.0)
    http-cookie (1.0.5)
      domain_name (~> 0.5)
    mechanize (2.9.1)
      domain_name (~> 0.5, >= 0.5.1)
      http-cookie (~> 1.0)
      mime-types (~> 3.0)
      net-http-digest_auth (~> 1.4, >= 1.4.1)
      net-http-persistent (~> 3.0)
      nokogiri (~> 1.12)
      rubyzip (~> 2.3)
    mini_mime (1.1.5)
    mini_portile2 (2.7.1)
    mime-types (3.5.0)
      mime-types-data (~> 3.2023.0808)
    mime-types-data (3.2023.0808)
    net-http-digest_auth (1.4.1)
    net-http-persistent (3.1.0)
    nokogiri (1.12.5)
      mini_portile2 (~> 2.7.0)
      racc (~> 1.4)
    public_suffix (4.0.7)
    racc (1.7.1)
    rack (2.2.8)
    rack-test (2.1.0)
      rack (>= 1.3)
    regexp_parser (2.8.1)
    rexml (3.2.6)
    rubyzip (2.3.2)
    selenium-webdriver (4.1.0)
      childprocess (>= 0.5, < 5.0)
      rexml (~> 3.2, >= 3.2.5)
      rubyzip (>= 1.2.2)
    unf (0.1.4)
      unf_ext
    unf_ext (0.0.8.2)
    xpath (3.2.0)
      nokogiri (~> 1.8)

GIT
  remote: https://github.com/openaustralia/scraperwiki-ruby.git
  revision: HEAD
  branch: morph_defaults
  specs:
    scraperwiki (1.4.0)

PLATFORMS
  ruby

DEPENDENCIES
  capybara
  mechanize
  nokogiri (= 1.12.5)
  scraperwiki!
  selenium-webdriver

BUNDLED WITH
   1.17.2
